PATH
  remote: .
  specs:
    omniauth-microsoft_v2_auth (0.1.2)
      omniauth-oauth2

GEM
  remote: https://rubygems.org/
  specs:
    faraday (0.17.4)
      multipart-post (>= 1.2, < 3)
    hashie (4.1.0)
    jwt (2.2.3)
    multi_json (1.15.0)
    multi_xml (0.6.0)
    multipart-post (2.1.1)
    oauth2 (1.4.7)
      faraday (>= 0.8, < 2.0)
      jwt (>= 1.0, < 3.0)
      multi_json (~> 1.3)
      multi_xml (~> 0.5)
      rack (>= 1.2, < 3)
    omniauth (1.9.1)
      hashie (>= 3.4.6)
      rack (>= 1.6.2, < 3)
    omniauth-oauth2 (1.7.1)
      oauth2 (~> 1.4)
      omniauth (>= 1.9, < 3)
    rack (2.2.3.1)

PLATFORMS
  ruby

DEPENDENCIES
  omniauth-microsoft_v2_auth!

BUNDLED WITH
   2.1.4
